GEM
  remote: http://rubygems.org/
  specs:
    shlint (0.1.6)

PLATFORMS
  ruby

DEPENDENCIES
  shlint (= 0.1.6)

RUBY VERSION
   ruby 2.6.5p114

BUNDLED WITH
   1.17.3
